GIT
  remote: git://github.com/cloudapp/cloudapp.git
  revision: 9215f33b75e60ebe4a3b75b9d78ee55d593cddc4
  specs:
    cloudapp (2.0.0.beta.1)
      addressable
      faraday (~> 0.8.0.rc2)
      leadlight (~> 0.0.5)
      typhoeus

GEM
  remote: http://rubygems.org/
  specs:
    addressable (2.2.8)
    daemons (1.1.8)
    eventmachine (0.12.10)
    fail-fast (1.0.0)
    faraday (0.8.1)
      multipart-post (~> 1.1)
    fattr (2.2.1)
    hookr (1.1.1)
      fail-fast (= 1.0.0)
    leadlight (0.0.5)
      addressable
      faraday
      fattr
      hookr
      link_header
      mime-types
      multi_json (~> 1.0.4)
    link_header (0.0.5)
    mime-types (1.18)
    multi_json (1.0.4)
    multipart-post (1.1.5)
    rack (1.4.1)
    rack-protection (1.2.0)
      rack
    sinatra (1.3.2)
      rack (~> 1.3, >= 1.3.6)
      rack-protection (~> 1.2)
      tilt (~> 1.3, >= 1.3.3)
    thin (1.3.1)
      daemons (>= 1.0.9)
      eventmachine (>= 0.12.6)
      rack (>= 1.0.0)
    tilt (1.3.3)
    typhoeus (0.3.3)
      mime-types

PLATFORMS
  ruby

DEPENDENCIES
  cloudapp!
  sinatra
  thin
